GEM
  remote: https://rubygems.org/
  specs:
    advent_of_code_cli (0.1.3)
      thor (>= 1.2.0)
    diff-lcs (1.5.0)
    numbers_in_words (1.0.1)
    rspec (3.12.0)
      rspec-core (~> 3.12.0)
      rspec-expectations (~> 3.12.0)
      rspec-mocks (~> 3.12.0)
    rspec-core (3.12.0)
      rspec-support (~> 3.12.0)
    rspec-expectations (3.12.0)
      diff-lcs (>= 1.2.0, < 2.0)
      rspec-support (~> 3.12.0)
    rspec-mocks (3.12.0)
      diff-lcs (>= 1.2.0, < 2.0)
      rspec-support (~> 3.12.0)
    rspec-support (3.12.0)
    thor (1.2.1)

PLATFORMS
  arm64-darwin-21
  x86_64-darwin-19

DEPENDENCIES
  advent_of_code_cli
  numbers_in_words (~> 1.0)
  rspec (~> 3.12)

BUNDLED WITH
   2.3.24
